PATH
  remote: .
  specs:
    indent_calculator_demo (0.1.0)

GEM
  remote: https://rubygems.org/
  specs:
    rake (13.0.6)

PLATFORMS
  arm64-darwin-22

DEPENDENCIES
  indent_calculator_demo!
  rake (~> 13.0)

BUNDLED WITH
   2.4.10
